GEM
  remote: https://rubygems.org/
  specs:
    parslet (1.8.0)

PLATFORMS
  ruby

DEPENDENCIES
  parslet (~> 1.8)

RUBY VERSION
   ruby 2.4.1p111

BUNDLED WITH
   1.15.3
